GIT
  remote: git@github.com:ryanmark/s3deploy-ruby.git
  revision: bd767bde2879ef33a5ee3ff708d2265b174083cc
  specs:
    s3deploy (0.1.1)
      aws-sdk
      mime-types

GEM
  remote: http://rubygems.org/
  specs:
    aws-sdk (2.0.27)
      aws-sdk-resources (= 2.0.27)
    aws-sdk-core (2.0.27)
      builder (~> 3.0)
      jmespath (~> 1.0)
      multi_json (~> 1.0)
      multi_xml (~> 0.5)
    aws-sdk-resources (2.0.27)
      aws-sdk-core (= 2.0.27)
    builder (3.2.2)
    jmespath (1.0.2)
      multi_json (~> 1.0)
    mime-types (2.4.3)
    multi_json (1.10.1)
    multi_xml (0.5.5)
    rake (10.3.2)

PLATFORMS
  ruby

DEPENDENCIES
  rake (~> 10.3.2)
  s3deploy!
