GIT
  remote: git@github.com:ryanmark/s3deploy-ruby.git
  revision: fec7fdfd3bcc37c5ac194fb77a1b09a09b9defe6
  specs:
    s3deploy (0.1.2)
      aws-sdk (~> 1.57)
      mime-types

GEM
  remote: http://rubygems.org/
  specs:
    aws-sdk (1.63.0)
      aws-sdk-v1 (= 1.63.0)
    aws-sdk-v1 (1.63.0)
      json (~> 1.4)
      nokogiri (>= 1.4.4)
    json (1.8.2)
    mime-types (2.4.3)
    mini_portile (0.6.2)
    nokogiri (1.6.6.2)
      mini_portile (~> 0.6.0)
    rake (10.3.2)

PLATFORMS
  ruby

DEPENDENCIES
  rake (~> 10.3.2)
  s3deploy!
